GIT
  remote: git://github.com/rails/arel.git
  revision: 6525b409c2a753488681f4cd955cfda29a06b1ac
  specs:
    arel (3.0.0.pre.20111119204131)

GIT
  remote: git://github.com/rails/journey.git
  revision: e05701cda762b5807f71e60ec40e49d87774c85f
  specs:
    journey (1.0.0.20111022124133)

GIT
  remote: git://github.com/rails/rails.git
  revision: a2f7c1dc67b4cfd31d2b7840063b620ac1320d90
  specs:
    actionmailer (3.2.0.beta)
      actionpack (= 3.2.0.beta)
      mail (~> 2.3.0)
    actionpack (3.2.0.beta)
      activemodel (= 3.2.0.beta)
      activesupport (= 3.2.0.beta)
      builder (~> 3.0.0)
      erubis (~> 2.7.0)
      i18n (~> 0.6)
      journey (~> 1.0.0)
      rack (~> 1.3.5)
      rack-cache (~> 1.1)
      rack-test (~> 0.6.1)
      sprockets (~> 2.1.2)
    activemodel (3.2.0.beta)
      activesupport (= 3.2.0.beta)
      builder (~> 3.0.0)
      i18n (~> 0.6)
    activerecord (3.2.0.beta)
      activemodel (= 3.2.0.beta)
      activesupport (= 3.2.0.beta)
      arel (~> 3.0.0.pre)
      tzinfo (~> 0.3.29)
    activeresource (3.2.0.beta)
      activemodel (= 3.2.0.beta)
      activesupport (= 3.2.0.beta)
    activesupport (3.2.0.beta)
      i18n (~> 0.6)
      multi_json (~> 1.0)
    rails (3.2.0.beta)
      actionmailer (= 3.2.0.beta)
      actionpack (= 3.2.0.beta)
      activerecord (= 3.2.0.beta)
      activeresource (= 3.2.0.beta)
      activesupport (= 3.2.0.beta)
      bundler (~> 1.0)
      railties (= 3.2.0.beta)
    railties (3.2.0.beta)
      actionpack (= 3.2.0.beta)
      activesupport (= 3.2.0.beta)
      rack-ssl (~> 1.3.2)
      rake (>= 0.8.7)
      rdoc (~> 3.4)
      thor (~> 0.14.6)

GIT
  remote: git://github.com/rails/sass-rails.git
  revision: 3c24e4fd8dd316079f3d52f20d85b823a022b151
  specs:
    sass-rails (3.1.1.alpha.0)
      actionpack (~> 3.2.0.beta)
      railties (~> 3.2.0.beta)
      sass (~> 3.1.10)
      tilt (~> 1.3.2)

GEM
  remote: http://rubygems.org/
  specs:
    bcrypt-ruby (3.0.1)
    builder (3.0.0)
    erubis (2.7.0)
    hike (1.2.1)
    i18n (0.6.0)
    jquery-rails (1.0.19)
      railties (~> 3.0)
      thor (~> 0.14)
    json (1.6.3)
    mail (2.3.0)
      i18n (>= 0.4.0)
      mime-types (~> 1.16)
      treetop (~> 1.4.8)
    mail-iso-2022-jp (1.1.4)
      mail (>= 2.2.5)
    mime-types (1.17.2)
    multi_json (1.0.4)
    polyglot (0.3.3)
    rack (1.3.5)
    rack-cache (1.1)
      rack (>= 0.4)
    rack-ssl (1.3.2)
      rack
    rack-test (0.6.1)
      rack (>= 1.0)
    rails-i18n (0.2.0)
      i18n (~> 0.5)
    rake (0.9.3.beta.1)
    rdoc (3.11)
      json (~> 1.4)
    sass (3.1.11)
    sprockets (2.1.2)
      hike (~> 1.2)
      rack (~> 1.0)
      tilt (~> 1.1, != 1.3.0)
    sqlite3 (1.3.5)
    thor (0.14.6)
    tilt (1.3.3)
    treetop (1.4.10)
      polyglot
      polyglot (>= 0.3.1)
    tzinfo (0.3.31)
    will_paginate (3.0.2)

PLATFORMS
  ruby

DEPENDENCIES
  arel (>= 3.0.0.pre)!
  bcrypt-ruby (~> 3.0.0)
  journey (~> 1.0.0)!
  jquery-rails
  mail-iso-2022-jp
  rails (>= 3.2.0.beta)!
  rails-i18n
  rake (~> 0.9.3.beta1)
  sass-rails (>= 3.1.1.alpha.0)!
  sqlite3
  will_paginate (~> 3.0.0)
